PATH
  remote: .
  specs:
    monadic (0.1.0)
      dry-initializer
      dry-monads
      dry-monitor

GEM
  remote: https://rubygems.org/
  specs:
    ast (2.4.0)
    coderay (1.1.2)
    concurrent-ruby (1.1.5)
    diff-lcs (1.3)
    dry-configurable (0.8.3)
      concurrent-ruby (~> 1.0)
      dry-core (~> 0.4, >= 0.4.7)
    dry-core (0.4.9)
      concurrent-ruby (~> 1.0)
    dry-equalizer (0.2.2)
    dry-events (0.2.0)
      concurrent-ruby (~> 1.0)
      dry-core (~> 0.4)
      dry-equalizer (~> 0.2)
    dry-initializer (3.0.1)
    dry-monads (1.3.1)
      concurrent-ruby (~> 1.0)
      dry-core (~> 0.4, >= 0.4.4)
      dry-equalizer
    dry-monitor (0.3.1)
      dry-configurable (~> 0.5)
      dry-core (~> 0.4)
      dry-equalizer (~> 0.2)
      dry-events (~> 0.1)
    jaro_winkler (1.5.3)
    method_source (0.9.2)
    parallel (1.17.0)
    parser (2.6.4.1)
      ast (~> 2.4.0)
    pry (0.12.2)
      coderay (~> 1.1.0)
      method_source (~> 0.9.0)
    rainbow (3.0.0)
    rake (10.5.0)
    rspec (3.8.0)
      rspec-core (~> 3.8.0)
      rspec-expectations (~> 3.8.0)
      rspec-mocks (~> 3.8.0)
    rspec-core (3.8.2)
      rspec-support (~> 3.8.0)
    rspec-expectations (3.8.4)
      diff-lcs (>= 1.2.0, < 2.0)
      rspec-support (~> 3.8.0)
    rspec-mocks (3.8.1)
      diff-lcs (>= 1.2.0, < 2.0)
      rspec-support (~> 3.8.0)
    rspec-support (3.8.2)
    rubocop (0.74.0)
      jaro_winkler (~> 1.5.1)
      parallel (~> 1.10)
      parser (>= 2.6)
      rainbow (>= 2.2.2, < 4.0)
      ruby-progressbar (~> 1.7)
      unicode-display_width (>= 1.4.0, < 1.7)
    ruby-progressbar (1.10.1)
    unicode-display_width (1.6.0)

PLATFORMS
  ruby

DEPENDENCIES
  bundler (~> 1.16)
  monadic!
  pry
  rake (~> 10.0)
  rspec (~> 3.0)
  rubocop

BUNDLED WITH
   1.16.6
